GEM
  remote: https://rubygems.org/
  specs:
    colorize (1.1.0)
    mini_portile2 (2.8.9)
    pastel (0.8.0)
      tty-color (~> 0.5)
    sqlite3 (2.7.3)
      mini_portile2 (~> 2.8.0)
    strings (0.2.1)
      strings-ansi (~> 0.2)
      unicode-display_width (>= 1.5, < 3.0)
      unicode_utils (~> 1.4)
    strings-ansi (0.2.0)
    tty-color (0.6.0)
    tty-cursor (0.7.1)
    tty-prompt (0.23.1)
      pastel (~> 0.8)
      tty-reader (~> 0.8)
    tty-reader (0.9.0)
      tty-cursor (~> 0.7)
      tty-screen (~> 0.8)
      wisper (~> 2.0)
    tty-screen (0.8.2)
    tty-table (0.12.0)
      pastel (~> 0.8)
      strings (~> 0.2.0)
      tty-screen (~> 0.8)
    unicode-display_width (2.6.0)
    unicode_utils (1.4.0)
    wisper (2.0.1)

PLATFORMS
  ruby
  x86_64-linux

DEPENDENCIES
  colorize
  sqlite3 (~> 2.7)
  tty-prompt
  tty-table

BUNDLED WITH
   2.6.9
